GIT
  remote: http://github.com/mattmacleod/paperclip.git
  revision: d955435dbd75b6d48907a93eee4da69e36fcb736
  specs:
    paperclip (2.3.8)
      activerecord
      activesupport

GIT
  remote: https://github.com/lapluviosilla/tickle.git
  revision: 3aedacc797f809f85f0bb6f13ec10d4b63a6eec5
  specs:
    lapluviosilla-tickle (0.1.9)
      chronic (>= 0.2.3)

GEM
  remote: http://rubygems.org/
  specs:
    POpen4 (0.1.4)
      Platform (>= 0.4.0)
      open4
    Platform (0.4.0)
    ZenTest (4.5.0)
    abstract (1.0.0)
    actionmailer (3.0.9)
      actionpack (= 3.0.9)
      mail (~> 2.2.19)
    actionpack (3.0.9)
      activemodel (= 3.0.9)
      activesupport (= 3.0.9)
      builder (~> 2.1.2)
      erubis (~> 2.6.6)
      i18n (~> 0.5.0)
      rack (~> 1.2.1)
      rack-mount (~> 0.6.14)
      rack-test (~> 0.5.7)
      tzinfo (~> 0.3.23)
    activemodel (3.0.9)
      activesupport (= 3.0.9)
      builder (~> 2.1.2)
      i18n (~> 0.5.0)
    activerecord (3.0.9)
      activemodel (= 3.0.9)
      activesupport (= 3.0.9)
      arel (~> 2.0.10)
      tzinfo (~> 0.3.23)
    activeresource (3.0.9)
      activemodel (= 3.0.9)
      activesupport (= 3.0.9)
    activesupport (3.0.9)
    arel (2.0.10)
    autotest (4.4.6)
      ZenTest (>= 4.4.1)
    autotest-rails (4.1.0)
      ZenTest
    builder (2.1.2)
    cgi_multipart_eof_fix (2.5.0)
    chronic (0.3.0)
    chunky_png (1.2.5)
    closure-compiler (1.1.1)
    columnize (0.3.4)
    compass (0.12.1)
      chunky_png (~> 1.2)
      fssm (>= 0.2.7)
      sass (~> 3.1)
    daemons (1.1.4)
    dr_dre (0.1.1)
    erubis (2.6.6)
      abstract (>= 1.0.0)
    escape (0.0.4)
    factory_girl (1.3.3)
    factory_girl_rails (1.0.1)
      factory_girl (~> 1.3)
      railties (>= 3.0.0)
    fastercsv (1.5.3)
    fastthread (1.0.7)
    fssm (0.2.9)
    gem_plugin (0.2.3)
    git (1.2.5)
    haml (3.1.6)
    htmlentities (4.2.2)
    i18n (0.5.0)
    jammit (0.5.4)
      closure-compiler (>= 0.1.0)
      yui-compressor (>= 0.9.1)
    jeweler (1.8.3)
      bundler (~> 1.0)
      git (>= 1.2.5)
      rake
      rdoc
    linecache (0.46)
      rbx-require-relative (> 0.0.4)
    mail (2.2.19)
      activesupport (>= 2.3.6)
      i18n (>= 0.4.0)
      mime-types (~> 1.16)
      treetop (~> 1.4.8)
    mime-types (1.16)
    mongrel (1.1)
      cgi_multipart_eof_fix (>= 2.4)
      daemons (>= 1.0.3)
      fastthread (>= 1.0.1)
      gem_plugin (>= 0.2.3)
    mongrel_experimental (1.1)
      mongrel (= 1.1)
    nokogiri (1.5.0)
    open4 (1.1.0)
    paper_trail (2.0.1)
      rails (~> 3)
    polyglot (0.3.1)
    pr_geohash (1.0.0)
    rack (1.2.3)
    rack-mount (0.6.14)
      rack (>= 1.0.0)
    rack-test (0.5.7)
      rack (>= 1.0)
    rails (3.0.9)
      actionmailer (= 3.0.9)
      actionpack (= 3.0.9)
      activerecord (= 3.0.9)
      activeresource (= 3.0.9)
      activesupport (= 3.0.9)
      bundler (~> 1.0)
      railties (= 3.0.9)
    railties (3.0.9)
      actionpack (= 3.0.9)
      activesupport (= 3.0.9)
      rake (>= 0.8.7)
      rdoc (~> 3.4)
      thor (~> 0.14.4)
    rake (0.9.2)
    rbx-require-relative (0.0.5)
    rcov (0.9.9)
    rdoc (3.8)
    rmagick (2.13.1)
    rsolr (0.12.1)
      builder (>= 2.1.2)
    ruby-debug (0.10.4)
      columnize (>= 0.1)
      ruby-debug-base (~> 0.10.4.0)
    ruby-debug-base (0.10.4)
      linecache (>= 0.3)
    sass (3.2.0.alpha.237)
    shoulda (2.11.3)
    sqlite3 (1.3.3)
    sqlite3-ruby (1.3.3)
      sqlite3 (>= 1.3.3)
    sunspot (1.2.1)
      escape (= 0.0.4)
      pr_geohash (~> 1.0)
      rsolr (= 0.12.1)
    sunspot_rails (1.2.1)
      nokogiri
      sunspot (= 1.2.1)
    thor (0.14.6)
    tickle (0.1.7)
      chronic (>= 0.2.3)
    treetop (1.4.9)
      polyglot (>= 0.3.1)
    tzinfo (0.3.29)
    will_paginate (3.0.pre2)
    yui-compressor (0.9.6)
      POpen4 (>= 0.1.4)
    zip (2.0.2)

PLATFORMS
  ruby

DEPENDENCIES
  autotest
  autotest-rails
  cgi_multipart_eof_fix
  chronic (= 0.3.0)
  compass (>= 0.12)
  dr_dre
  factory_girl_rails
  fastercsv (= 1.5.3)
  fastthread
  haml
  htmlentities (= 4.2.2)
  jammit
  jeweler
  lapluviosilla-tickle!
  mime-types (= 1.16)
  mongrel
  mongrel_experimental
  paper_trail (= 2.0.1)
  paperclip!
  rails (= 3.0.9)
  rcov
  rmagick
  ruby-debug
  sass (~> 3.2.0.alpha)
  shoulda
  sqlite3-ruby
  sunspot_rails
  tickle (= 0.1.7)
  will_paginate (= 3.0.pre2)
  zip (= 2.0.2)
